PATH
  remote: .
  specs:
    pivotal-tracker (0.5.12)
      builder
      hashie
      json
      nokogiri
      nokogiri-happymapper
      rest-client
      virtus

GEM
  remote: http://rubygems.org/
  specs:
    axiom-types (0.0.5)
      descendants_tracker (~> 0.0.1)
      ice_nine (~> 0.9)
    builder (3.2.2)
    coercible (1.0.0)
      descendants_tracker (~> 0.0.1)
    descendants_tracker (0.0.3)
    equalizer (0.0.9)
    hashie (2.0.5)
    ice_nine (0.11.0)
    json (1.8.1)
    mime-types (2.1)
    mini_portile2 (2.4.0)
    nokogiri (1.10.10)
      mini_portile2 (~> 2.4.0)
    nokogiri-happymapper (0.5.8)
      nokogiri (~> 1.5)
    rake (10.1.1)
    rest-client (1.6.7)
      mime-types (>= 1.16)
    virtus (1.0.1)
      axiom-types (~> 0.0.5)
      coercible (~> 1.0)
      descendants_tracker (~> 0.0.1)
      equalizer (~> 0.0.7)

PLATFORMS
  ruby

DEPENDENCIES
  bundler
  pivotal-tracker!
  rake
